PATH
  remote: .
  specs:
    hanami-db_schema_dump (0.1.0)

GEM
  remote: https://rubygems.org/
  specs:
    rake (12.3.3)

PLATFORMS
  ruby

DEPENDENCIES
  hanami-db_schema_dump!
  rake (~> 12.0)

BUNDLED WITH
   2.1.2
